GEM
  remote: https://rubygems.org/
  specs:
    builder (3.2.2)
    capistrano (3.4.0)
      i18n
      rake (>= 10.0.0)
      sshkit (~> 1.3)
    capistrano-bundler (1.1.4)
      capistrano (~> 3.1)
      sshkit (~> 1.2)
    capistrano-rvm (0.1.2)
      capistrano (~> 3.0)
      sshkit (~> 1.2)
    capistrano-thin (1.2.0)
      capistrano (~> 3.0)
      thin (~> 1.6)
    chronic (0.10.2)
    confstruct (1.0.2)
      hashie (~> 3.3)
    daemons (1.2.3)
    eventmachine (1.0.9.1)
    gemirro (0.13.3)
      builder (~> 3.2)
      confstruct (~> 1.0)
      httpclient (~> 2.6)
      pmap (~> 1.0)
      sinatra (~> 1.4)
      slop (~> 3.6)
      thin (~> 1.6)
    hashie (3.4.3)
    httpclient (2.7.1)
    i18n (0.7.0)
    net-scp (1.2.1)
      net-ssh (>= 2.6.5)
    net-ssh (3.0.2)
    pmap (1.1.1)
    rack (1.6.4)
    rack-protection (1.5.3)
      rack
    rake (10.5.0)
    sinatra (1.4.7)
      rack (~> 1.5)
      rack-protection (~> 1.4)
      tilt (>= 1.3, < 3)
    slop (3.6.0)
    sshkit (1.8.1)
      net-scp (>= 1.1.2)
      net-ssh (>= 2.8.0)
    sshkit-sudo (0.1.0)
      sshkit (~> 1.8)
    thin (1.6.4)
      daemons (~> 1.0, >= 1.0.9)
      eventmachine (~> 1.0, >= 1.0.4)
      rack (~> 1.0)
    tilt (2.0.2)
    whenever (0.9.4)
      chronic (>= 0.6.3)

PLATFORMS
  ruby

DEPENDENCIES
  capistrano
  capistrano-bundler
  capistrano-rvm
  capistrano-thin
  gemirro
  sshkit-sudo
  thin
  whenever

BUNDLED WITH
   1.11.2
